PATH
  remote: .
  specs:
    rodauth-oauth (1.4.0)
      rodauth (~> 2.0)

GEM
  remote: https://rubygems.org/
  specs:
    activemodel (7.0.5.1)
      activesupport (= 7.0.5.1)
    activerecord (7.0.5.1)
      activemodel (= 7.0.5.1)
      activesupport (= 7.0.5.1)
    activerecord-jdbc-adapter (70.1-java)
      activerecord (~> 7.0)
    activesupport (7.0.5.1)
      concurrent-ruby (~> 1.0, >= 1.0.2)
      i18n (>= 1.6, < 2)
      minitest (>= 5.1)
      tzinfo (~> 2.0)
    addressable (2.8.4)
      public_suffix (>= 2.0.2, < 6.0)
    aes_key_wrap (1.1.0)
    android_key_attestation (0.3.0)
    ast (2.4.2)
    attr_required (1.0.1)
    awrence (1.2.1)
    bcrypt (3.1.19)
    bcrypt (3.1.19-java)
    bigdecimal (3.1.4)
    bigdecimal (3.1.4-java)
    bindata (2.4.15)
    builder (3.2.4)
    byebug (11.1.3)
    capybara (3.39.2)
      addressable
      matrix
      mini_mime (>= 0.1.3)
      nokogiri (~> 1.8)
      rack (>= 1.6.0)
      rack-test (>= 0.6.3)
      regexp_parser (>= 1.5, < 3.0)
      xpath (~> 3.2)
    cbor (0.5.9.6)
    chunky_png (1.4.0)
    coderay (1.1.3)
    concurrent-ruby (1.2.2)
    cose (1.3.0)
      cbor (~> 0.5.9)
      openssl-signature_algorithm (~> 1.0)
    crack (0.4.5)
      rexml
    date (3.3.3)
    date (3.3.3-java)
    docile (1.4.0)
    erubi (1.12.0)
    faraday (2.7.7)
      faraday-net_http (>= 2.0, < 3.1)
      ruby2_keywords (>= 0.0.4)
    faraday-follow_redirects (0.3.0)
      faraday (>= 1, < 3)
    faraday-net_http (3.0.2)
    ffi (1.15.5)
    ffi (1.15.5-java)
    hanna-nouveau (1.4.0)
      rdoc (>= 4)
    hashdiff (1.0.1)
    hashie (5.0.0)
    i18n (1.14.1)
      concurrent-ruby (~> 1.0)
    jar-dependencies (0.4.1)
    jdbc-mysql (8.0.30)
    jdbc-postgres (42.6.0)
    jdbc-sqlite3 (3.42.0.0)
    json (2.7.1)
    json (2.7.1-java)
    json-jwt (1.16.3)
      activesupport (>= 4.2)
      aes_key_wrap
      bindata
      faraday (~> 2.0)
      faraday-follow_redirects
    json-schema (4.0.0)
      addressable (>= 2.8)
    jwe (0.4.0)
    jwt (2.7.1)
    language_server-protocol (3.17.0.3)
    mail (2.8.1)
      mini_mime (>= 0.1.1)
      net-imap
      net-pop
      net-smtp
    matrix (0.4.2)
    method_source (1.0.0)
    mini_mime (1.1.2)
    mini_portile2 (2.8.2)
    minitest (5.18.1)
    minitest-hooks (1.5.0)
      minitest (> 5.3)
    mysql2 (0.5.5)
    net-imap (0.3.6)
      date
      net-protocol
    net-pop (0.1.2)
      net-protocol
    net-protocol (0.2.1)
      timeout
    net-smtp (0.3.3)
      net-protocol
    nokogiri (1.15.2)
      mini_portile2 (~> 2.8.2)
      racc (~> 1.4)
    nokogiri (1.15.2-java)
      racc (~> 1.4)
    omniauth (2.1.1)
      hashie (>= 3.4.6)
      rack (>= 2.2.3)
      rack-protection
    omniauth_openid_connect (0.7.1)
      omniauth (>= 1.9, < 3)
      openid_connect (~> 2.2)
    openid_connect (2.2.0)
      activemodel
      attr_required (>= 1.0.0)
      faraday (~> 2.0)
      faraday-follow_redirects
      json-jwt (>= 1.16)
      net-smtp
      rack-oauth2 (~> 2.2)
      swd (~> 2.0)
      tzinfo
      validate_email
      validate_url
      webfinger (~> 2.0)
    openssl (3.1.0)
    openssl-signature_algorithm (1.3.0)
      openssl (> 2.0)
    parallel (1.24.0)
    parser (3.2.2.4)
      ast (~> 2.4.1)
      racc
    pg (1.5.3)
    pry (0.14.2)
      coderay (~> 1.1)
      method_source (~> 1.0)
    pry (0.14.2-java)
      coderay (~> 1.1)
      method_source (~> 1.0)
      spoon (~> 0.0)
    pry-byebug (3.10.1)
      byebug (~> 11.0)
      pry (>= 0.13, < 0.15)
    psych (5.1.0)
      stringio
    psych (5.1.0-java)
      jar-dependencies (>= 0.1.7)
    public_suffix (5.0.1)
    racc (1.7.3)
    racc (1.7.3-java)
    rack (3.0.8)
    rack-oauth2 (2.2.0)
      activesupport
      attr_required
      faraday (~> 2.0)
      faraday-follow_redirects
      json-jwt (>= 1.11.0)
      rack (>= 2.1.0)
    rack-protection (3.0.6)
      rack
    rack-test (2.1.0)
      rack (>= 1.3)
    rack_csrf (2.7.0)
      rack (>= 1.1.0)
    rackup (2.1.0)
      rack (>= 3)
      webrick (~> 1.8)
    rainbow (3.1.1)
    rake (12.3.3)
    rbs (3.1.0)
    rdoc (6.5.0)
      psych (>= 4.0.0)
    regexp_parser (2.8.3)
    rexml (3.2.6)
    roda (3.73.0)
      rack
    rodauth (2.32.0)
      roda (>= 2.6.0)
      sequel (>= 4)
    rodauth-i18n (0.7.1)
      i18n (~> 1.0)
      rodauth (~> 2.19)
    rodauth-select-account (0.0.4)
    rotp (6.2.2)
    rqrcode (2.2.0)
      chunky_png (~> 1.0)
      rqrcode_core (~> 1.0)
    rqrcode_core (1.2.0)
    rubocop (1.59.0)
      json (~> 2.3)
      language_server-protocol (>= 3.17.0)
      parallel (~> 1.10)
      parser (>= 3.2.2.4)
      rainbow (>= 2.2.2, < 4.0)
      regexp_parser (>= 1.8, < 3.0)
      rexml (>= 3.2.5, < 4.0)
      rubocop-ast (>= 1.30.0, < 2.0)
      ruby-progressbar (~> 1.7)
      unicode-display_width (>= 2.4.0, < 3.0)
    rubocop-ast (1.30.0)
      parser (>= 3.2.1.0)
    rubocop-performance (1.20.0)
      rubocop (>= 1.48.1, < 2.0)
      rubocop-ast (>= 1.30.0, < 2.0)
    ruby-progressbar (1.13.0)
    ruby-saml (1.15.0)
      nokogiri (>= 1.13.10)
      rexml
    ruby2_keywords (0.0.5)
    safety_net_attestation (0.4.0)
      jwt (~> 2.0)
    saml_idp (0.15.0)
      activesupport (>= 5.2)
      builder (>= 3.0)
      nokogiri (>= 1.6.2)
      rexml
      xmlenc (>= 0.7.1)
    sassc (2.4.0)
      ffi (~> 1.9)
    sequel (5.73.0)
      bigdecimal
    simplecov (0.22.0)
      docile (~> 1.1)
      simplecov-html (~> 0.11)
      simplecov_json_formatter (~> 0.1)
    simplecov-html (0.12.3)
    simplecov_json_formatter (0.1.4)
    spoon (0.0.6)
      ffi
    sqlite3 (1.6.3)
      mini_portile2 (~> 2.8.0)
    stringio (3.0.7)
    swd (2.0.2)
      activesupport (>= 3)
      attr_required (>= 0.0.5)
      faraday (~> 2.0)
      faraday-follow_redirects
    tilt (2.2.0)
    timeout (0.4.0)
    tpm-key_attestation (0.12.0)
      bindata (~> 2.4)
      openssl (> 2.0)
      openssl-signature_algorithm (~> 1.0)
    tzinfo (2.0.6)
      concurrent-ruby (~> 1.0)
    tzinfo-data (1.2023.3)
      tzinfo (>= 1.0.0)
    unicode-display_width (2.5.0)
    validate_email (0.1.6)
      activemodel (>= 3.0)
      mail (>= 2.2.5)
    validate_url (1.0.15)
      activemodel (>= 3.0.0)
      public_suffix
    webauthn (3.0.0)
      android_key_attestation (~> 0.3.0)
      awrence (~> 1.1)
      bindata (~> 2.4)
      cbor (~> 0.5.9)
      cose (~> 1.1)
      openssl (>= 2.2)
      safety_net_attestation (~> 0.4.0)
      tpm-key_attestation (~> 0.12.0)
    webfinger (2.1.2)
      activesupport
      faraday (~> 2.0)
      faraday-follow_redirects
    webmock (3.18.1)
      addressable (>= 2.8.0)
      crack (>= 0.3.2)
      hashdiff (>= 0.4.0, < 2.0.0)
    webrick (1.8.1)
    xmlenc (0.8.0)
      activemodel (>= 3.0.0)
      activesupport (>= 3.0.0)
      nokogiri (>= 1.6.0, < 2.0.0)
      xmlmapper (>= 0.7.3)
    xmlmapper (0.8.1)
      nokogiri (~> 1.11)
    xpath (3.2.0)
      nokogiri (~> 1.8)

PLATFORMS
  java
  ruby

DEPENDENCIES
  activerecord-jdbc-adapter
  bcrypt
  capybara
  erubi
  hanna-nouveau
  jdbc-mysql
  jdbc-postgres
  jdbc-sqlite3
  json-jwt
  json-schema
  jwe
  jwt
  minitest (~> 5.0)
  minitest-hooks
  mysql2
  omniauth_openid_connect
  pg
  pry
  pry-byebug
  rack
  rack-test
  rack_csrf
  rackup
  rake (~> 12.3)
  rbs
  roda
  rodauth (>= 2.0.0)
  rodauth-i18n (>= 0.2.0)
  rodauth-oauth!
  rodauth-select-account (~> 0.0.2)
  rotp
  rqrcode
  rubocop
  rubocop-performance
  ruby-saml
  saml_idp
  sassc
  sequel
  simplecov
  sqlite3
  tilt
  tzinfo-data
  webauthn
  webmock
  webrick
  xmlenc

BUNDLED WITH
   2.3.7
