PATH
  remote: .
  specs:
    rodauth-oauth (1.0.0.pre.beta2)
      rodauth (~> 2.0)

GEM
  remote: https://rubygems.org/
  specs:
    activemodel (6.1.7)
      activesupport (= 6.1.7)
    activerecord (6.1.7)
      activemodel (= 6.1.7)
      activesupport (= 6.1.7)
    activerecord-jdbc-adapter (61.2-java)
      activerecord (~> 6.1.0)
    activesupport (6.1.7)
      concurrent-ruby (~> 1.0, >= 1.0.2)
      i18n (>= 1.6, < 2)
      minitest (>= 5.1)
      tzinfo (~> 2.0)
      zeitwerk (~> 2.3)
    addressable (2.8.1)
      public_suffix (>= 2.0.2, < 6.0)
    aes_key_wrap (1.1.0)
    android_key_attestation (0.3.0)
    ast (2.4.2)
    attr_required (1.0.1)
    awrence (1.2.1)
    bcrypt (3.1.18)
    bcrypt (3.1.18-java)
    bindata (2.4.14)
    brotli (0.2.3)
    builder (3.2.4)
    byebug (11.1.3)
    capybara (3.38.0)
      addressable
      matrix
      mini_mime (>= 0.1.3)
      nokogiri (~> 1.8)
      rack (>= 1.6.0)
      rack-test (>= 0.6.3)
      regexp_parser (>= 1.5, < 3.0)
      xpath (~> 3.2)
    cbor (0.5.9.6)
    chunky_png (1.4.0)
    coderay (1.1.3)
    colorator (1.1.0)
    concurrent-ruby (1.1.10)
    cose (1.3.0)
      cbor (~> 0.5.9)
      openssl-signature_algorithm (~> 1.0)
    crack (0.4.5)
      rexml
    docile (1.4.0)
    em-websocket (0.5.3)
      eventmachine (>= 0.12.9)
      http_parser.rb (~> 0)
    erubi (1.11.0)
    eventmachine (1.2.7)
    eventmachine (1.2.7-java)
    faraday (2.6.0)
      faraday-net_http (>= 2.0, < 3.1)
      ruby2_keywords (>= 0.0.4)
    faraday-follow_redirects (0.3.0)
      faraday (>= 1, < 3)
    faraday-net_http (3.0.1)
    ffi (1.15.5)
    ffi (1.15.5-java)
    forwardable-extended (2.6.0)
    hanna-nouveau (1.3.0)
      rdoc (>= 4)
    hashdiff (1.0.1)
    hashie (5.0.0)
    http_parser.rb (0.8.0)
    httpclient (2.8.3)
    i18n (1.12.0)
      concurrent-ruby (~> 1.0)
    jar-dependencies (0.4.1)
    jdbc-mysql (8.0.27)
    jdbc-postgres (42.2.25)
    jdbc-sqlite3 (3.28.0)
    jekyll (4.2.2)
      addressable (~> 2.4)
      colorator (~> 1.0)
      em-websocket (~> 0.5)
      i18n (~> 1.0)
      jekyll-sass-converter (~> 2.0)
      jekyll-watch (~> 2.0)
      kramdown (~> 2.3)
      kramdown-parser-gfm (~> 1.0)
      liquid (~> 4.0)
      mercenary (~> 0.4.0)
      pathutil (~> 0.9)
      rouge (~> 3.0)
      safe_yaml (~> 1.0)
      terminal-table (~> 2.0)
    jekyll-brotli (2.2.1)
      brotli (~> 0.2.0)
      jekyll (>= 3.0, < 5.0)
    jekyll-gzip (2.4.2)
      jekyll (>= 3.0, < 5.0)
    jekyll-sass-converter (2.2.0)
      sassc (> 2.0.1, < 3.0)
    jekyll-watch (2.2.1)
      listen (~> 3.0)
    json (2.6.2)
    json (2.6.2-java)
    json-jwt (1.16.1)
      activesupport (>= 4.2)
      aes_key_wrap
      bindata
      faraday (~> 2.0)
      faraday-follow_redirects
    json-schema (3.0.0)
      addressable (>= 2.8)
    jwe (0.4.0)
    jwt (2.5.0)
    kramdown (2.4.0)
      rexml
    kramdown-parser-gfm (1.1.0)
      kramdown (~> 2.0)
    liquid (4.0.3)
    listen (3.7.1)
      rb-fsevent (~> 0.10, >= 0.10.3)
      rb-inotify (~> 0.9, >= 0.9.10)
    mail (2.7.1)
      mini_mime (>= 0.1.1)
    matrix (0.4.2)
    mercenary (0.4.0)
    method_source (1.0.0)
    mini_mime (1.1.2)
    mini_portile2 (2.8.0)
    minitest (5.16.3)
    minitest-hooks (1.5.0)
      minitest (> 5.3)
    mysql2 (0.5.4)
    net-protocol (0.1.3)
      timeout
    net-smtp (0.3.3)
      net-protocol
    nokogiri (1.13.9)
      mini_portile2 (~> 2.8.0)
      racc (~> 1.4)
    nokogiri (1.13.9-java)
      racc (~> 1.4)
    omniauth (2.1.0)
      hashie (>= 3.4.6)
      rack (>= 2.2.3)
      rack-protection
    omniauth_openid_connect (0.4.0)
      addressable (~> 2.5)
      omniauth (>= 1.9, < 3)
      openid_connect (~> 1.1)
    openid_connect (1.4.2)
      activemodel
      attr_required (>= 1.0.0)
      json-jwt (>= 1.15.0)
      net-smtp
      rack-oauth2 (~> 1.21)
      swd (~> 1.3)
      tzinfo
      validate_email
      validate_url
      webfinger (~> 1.2)
    openssl (3.0.1)
    openssl-signature_algorithm (1.2.1)
      openssl (> 2.0, < 3.1)
    parallel (1.22.1)
    parser (3.1.2.1)
      ast (~> 2.4.1)
    pathutil (0.16.2)
      forwardable-extended (~> 2.6)
    pg (1.4.4)
    pry (0.14.1)
      coderay (~> 1.1)
      method_source (~> 1.0)
    pry (0.14.1-java)
      coderay (~> 1.1)
      method_source (~> 1.0)
      spoon (~> 0.0)
    pry-byebug (3.10.1)
      byebug (~> 11.0)
      pry (>= 0.13, < 0.15)
    psych (4.0.6)
      stringio
    psych (4.0.6-java)
      jar-dependencies (>= 0.1.7)
    public_suffix (5.0.0)
    racc (1.6.0)
    racc (1.6.0-java)
    rack (3.0.0)
    rack-oauth2 (1.21.3)
      activesupport
      attr_required
      httpclient
      json-jwt (>= 1.11.0)
      rack (>= 2.1.0)
    rack-protection (3.0.2)
      rack
    rack-test (2.0.2)
      rack (>= 1.3)
    rack_csrf (2.7.0)
      rack (>= 1.1.0)
    rackup (0.2.2)
      rack (>= 3.0.0.beta1)
      webrick
    rainbow (3.1.1)
    rake (12.3.3)
    rb-fsevent (0.11.2)
    rb-inotify (0.10.1)
      ffi (~> 1.0)
    rbs (2.7.0)
    rdoc (6.4.0)
      psych (>= 4.0.0)
    regexp_parser (2.6.0)
    rexml (3.2.5)
    roda (3.61.0)
      rack
    rodauth (2.26.1)
      roda (>= 2.6.0)
      sequel (>= 4)
    rodauth-i18n (0.5.1)
      i18n (~> 1.0)
      rodauth (~> 2.19)
    rodauth-select-account (0.0.4)
    rotp (6.2.0)
    rouge (3.30.0)
    rqrcode (2.1.2)
      chunky_png (~> 1.0)
      rqrcode_core (~> 1.0)
    rqrcode_core (1.2.0)
    rubocop (1.38.0)
      json (~> 2.3)
      parallel (~> 1.10)
      parser (>= 3.1.2.1)
      rainbow (>= 2.2.2, < 4.0)
      regexp_parser (>= 1.8, < 3.0)
      rexml (>= 3.2.5, < 4.0)
      rubocop-ast (>= 1.23.0, < 2.0)
      ruby-progressbar (~> 1.7)
      unicode-display_width (>= 1.4.0, < 3.0)
    rubocop-ast (1.23.0)
      parser (>= 3.1.1.0)
    rubocop-performance (1.15.0)
      rubocop (>= 1.7.0, < 2.0)
      rubocop-ast (>= 0.4.0)
    ruby-progressbar (1.11.0)
    ruby-saml (1.14.0)
      nokogiri (>= 1.10.5)
      rexml
    ruby2_keywords (0.0.5)
    safe_yaml (1.0.5)
    safety_net_attestation (0.4.0)
      jwt (~> 2.0)
    saml_idp (0.14.0)
      activesupport (>= 5.2)
      builder (>= 3.0)
      nokogiri (>= 1.6.2)
      rexml
      xmlenc (>= 0.7.1)
    sassc (2.4.0)
      ffi (~> 1.9)
    sequel (5.62.0)
    simplecov (0.21.2)
      docile (~> 1.1)
      simplecov-html (~> 0.11)
      simplecov_json_formatter (~> 0.1)
    simplecov-html (0.12.3)
    simplecov_json_formatter (0.1.4)
    spoon (0.0.6)
      ffi
    sqlite3 (1.5.3)
      mini_portile2 (~> 2.8.0)
    stringio (3.0.2)
    swd (1.3.0)
      activesupport (>= 3)
      attr_required (>= 0.0.5)
      httpclient (>= 2.4)
    terminal-table (2.0.0)
      unicode-display_width (~> 1.1, >= 1.1.1)
    tilt (2.0.11)
    timeout (0.3.0)
    tpm-key_attestation (0.11.0)
      bindata (~> 2.4)
      openssl (> 2.0, < 3.1)
      openssl-signature_algorithm (~> 1.0)
    tzinfo (2.0.5)
      concurrent-ruby (~> 1.0)
    tzinfo-data (1.2022.6)
      tzinfo (>= 1.0.0)
    unicode-display_width (1.8.0)
    validate_email (0.1.6)
      activemodel (>= 3.0)
      mail (>= 2.2.5)
    validate_url (1.0.15)
      activemodel (>= 3.0.0)
      public_suffix
    webauthn (2.5.2)
      android_key_attestation (~> 0.3.0)
      awrence (~> 1.1)
      bindata (~> 2.4)
      cbor (~> 0.5.9)
      cose (~> 1.1)
      openssl (>= 2.2, < 3.1)
      safety_net_attestation (~> 0.4.0)
      tpm-key_attestation (~> 0.11.0)
    webfinger (1.2.0)
      activesupport
      httpclient (>= 2.4)
    webmock (3.18.1)
      addressable (>= 2.8.0)
      crack (>= 0.3.2)
      hashdiff (>= 0.4.0, < 2.0.0)
    webrick (1.7.0)
    xmlenc (0.8.0)
      activemodel (>= 3.0.0)
      activesupport (>= 3.0.0)
      nokogiri (>= 1.6.0, < 2.0.0)
      xmlmapper (>= 0.7.3)
    xmlmapper (0.8.1)
      nokogiri (~> 1.11)
    xpath (3.2.0)
      nokogiri (~> 1.8)
    zeitwerk (2.6.6)

PLATFORMS
  java
  ruby

DEPENDENCIES
  activerecord-jdbc-adapter
  bcrypt
  capybara
  erubi
  hanna-nouveau
  jdbc-mysql
  jdbc-postgres
  jdbc-sqlite3
  jekyll (~> 4.2.0)
  jekyll-brotli (~> 2.2.0)
  jekyll-gzip (~> 2.4.1)
  json-jwt
  json-schema
  jwe
  jwt
  minitest (~> 5.0)
  minitest-hooks
  mysql2
  omniauth_openid_connect
  pg
  pry
  pry-byebug
  rack
  rack-test
  rack_csrf
  rackup
  rake (~> 12.3)
  rbs
  roda
  rodauth (>= 2.0.0)
  rodauth-i18n (>= 0.2.0)
  rodauth-oauth!
  rodauth-select-account (~> 0.0.2)
  rotp
  rqrcode
  rubocop
  rubocop-performance
  ruby-saml
  saml_idp
  sassc
  sequel
  simplecov
  sqlite3
  tilt
  tzinfo-data
  webauthn
  webmock
  webrick
  xmlenc

BUNDLED WITH
   2.3.7
